GEM
  remote: https://rubygems.org/
  specs:
    bigdecimal (3.1.6)
    coderay (1.1.3)
    method_source (1.0.0)
    pg (1.5.6)
    pry (0.14.2)
      coderay (~> 1.1)
      method_source (~> 1.0)
    sequel (5.78.0)
      bigdecimal

PLATFORMS
  ruby
  x86_64-darwin-22

DEPENDENCIES
  pg
  pry
  sequel

RUBY VERSION
   ruby 3.3.0p0

BUNDLED WITH
   2.5.6
